GIT
  remote: git://github.com/kjvarga/sitemap_generator.git
  revision: 8cf78943c30e5deb068340d137df23eea5ea40a0
  branch: rails3
  specs:
    sitemap_generator (0.2.5)

GIT
  remote: git://github.com/thoughtbot/paperclip.git
  revision: 35cdaa548d1b8439b73d5613153f9b7248bb3314
  specs:
    paperclip (2.3.5)
      activerecord
      activesupport

GEM
  remote: http://rubygems.org/
  specs:
    RedCloth (4.2.3)
    aaronh-chronic (0.3.9)
    abstract (1.0.0)
    actionmailer (3.0.3)
      actionpack (= 3.0.3)
      mail (~> 2.2.9)
    actionpack (3.0.3)
      activemodel (= 3.0.3)
      activesupport (= 3.0.3)
      builder (~> 2.1.2)
      erubis (~> 2.6.6)
      i18n (~> 0.4)
      rack (~> 1.2.1)
      rack-mount (~> 0.6.13)
      rack-test (~> 0.5.6)
      tzinfo (~> 0.3.23)
    activemodel (3.0.3)
      activesupport (= 3.0.3)
      builder (~> 2.1.2)
      i18n (~> 0.4)
    activerecord (3.0.3)
      activemodel (= 3.0.3)
      activesupport (= 3.0.3)
      arel (~> 2.0.2)
      tzinfo (~> 0.3.23)
    activeresource (3.0.3)
      activemodel (= 3.0.3)
      activesupport (= 3.0.3)
    activesupport (3.0.3)
    arel (2.0.4)
    authlogic (2.1.6)
      activesupport
    aws-s3 (0.6.2)
      builder
      mime-types
      xml-simple
    builder (2.1.2)
    chargify_api_ares (0.3.7)
    columnize (0.3.2)
    daemon_controller (0.2.5)
    erubis (2.6.6)
      abstract (>= 1.0.0)
    fastthread (1.0.7)
    file-tail (1.0.5)
      spruz (>= 0.1.0)
    ghost (0.2.8)
    github (0.4.5)
      highline (~> 1.5.1)
      json (>= 1.2.0)
      text-format (>= 1.0.0)
    haml (3.0.21)
    has_scope (0.5.0)
    highline (1.5.2)
    i18n (0.4.2)
    inherited_resources (1.1.2)
      has_scope (~> 0.5.0)
      responders (~> 0.6.0)
    json (1.4.6)
    json_pure (1.4.6)
    linecache (0.43)
    mail (2.2.10)
      activesupport (>= 2.3.6)
      i18n (~> 0.4.1)
      mime-types (~> 1.16)
      treetop (~> 1.4.8)
    memcached (1.0.2)
    mime-types (1.16)
    passenger (3.0.0)
      daemon_controller (>= 0.2.5)
      fastthread (>= 1.0.1)
      file-tail
      rack
      rake (>= 0.8.1)
    polyglot (0.3.1)
    rack (1.2.1)
    rack-mount (0.6.13)
      rack (>= 1.0.0)
    rack-test (0.5.6)
      rack (>= 1.0)
    rails (3.0.3)
      actionmailer (= 3.0.3)
      actionpack (= 3.0.3)
      activerecord (= 3.0.3)
      activeresource (= 3.0.3)
      activesupport (= 3.0.3)
      bundler (~> 1.0)
      railties (= 3.0.3)
    railties (3.0.3)
      actionpack (= 3.0.3)
      activesupport (= 3.0.3)
      rake (>= 0.8.7)
      thor (~> 0.14.4)
    rake (0.8.7)
    rb-appscript (0.5.3)
    responders (0.6.2)
    rest-client (1.6.1)
      mime-types (>= 1.16)
    ruby-debug (0.10.4)
      columnize (>= 0.1)
      ruby-debug-base (~> 0.10.4.0)
    ruby-debug-base (0.10.4)
      linecache (>= 0.3)
    sequel (3.17.0)
    sinatra (1.0)
      rack (>= 1.0)
    spruz (0.2.2)
    sqlite3-ruby (1.3.2)
    ssl_requirement (0.1.0)
    taps (0.3.14)
      json_pure (>= 1.2.0, < 1.5.0)
      rack (>= 1.0.1)
      rest-client (>= 1.4.0, < 1.7.0)
      sequel (~> 3.17.0)
      sinatra (~> 1.0.0)
      sqlite3-ruby (~> 1.2)
    terminitor (0.2.2)
      github (~> 0.4.5)
      rb-appscript
      thor (~> 0.14.0)
    text-format (1.0.0)
      text-hyphen (~> 1.0.0)
    text-hyphen (1.0.0)
    thor (0.14.6)
    treetop (1.4.9)
      polyglot (>= 0.3.1)
    tzinfo (0.3.23)
    whenever (0.6.2)
      aaronh-chronic (>= 0.3.9)
      activesupport (>= 2.3.4)
    xml-simple (1.0.12)

PLATFORMS
  ruby

DEPENDENCIES
  RedCloth (= 4.2.3)
  authlogic
  aws-s3
  chargify_api_ares
  ghost
  haml (= 3.0.21)
  i18n
  inherited_resources (= 1.1.2)
  memcached
  paperclip!
  passenger
  rails (= 3.0.3)
  ruby-debug
  sitemap_generator!
  sqlite3-ruby
  ssl_requirement
  taps
  terminitor
  whenever
